GEM
  remote: https://rubygems.org/
  specs:
    RedCloth (4.2.8)
    bio (1.4.3.0001)
    bson (1.12.0)
    bson_ext (1.12.0)
      bson (~> 1.12.0)
    crack (0.4.2)
      safe_yaml (~> 1.0.0)
    haml (4.1.0.beta.1)
      tilt
    haml-contrib (1.0.0.1)
      haml (>= 3.2.0.alpha.13)
    mongo (1.12.0)
      bson (= 1.12.0)
    rack (1.6.0)
    safe_yaml (1.0.4)
    sinatra (1.1.2)
      rack (~> 1.1)
      tilt (~> 1.2)
    tilt (1.4.1)

PLATFORMS
  ruby

DEPENDENCIES
  RedCloth (= 4.2.8)
  bio
  bson_ext
  crack
  haml
  haml-contrib
  mongo
  sinatra (= 1.1.2)
