GEM
  remote: http://rubygems.org/
  specs:
    bson (1.1.4)
    haml (3.0.24)
    mongo (1.1.3)
      bson (>= 1.1.1)
    rack (1.2.1)
    sinatra (1.1.0)
      rack (~> 1.1)
      tilt (~> 1.1)
    tilt (1.1)

PLATFORMS
  ruby

DEPENDENCIES
  haml (= 3.0.24)
  mongo (= 1.1.3)
  sinatra (= 1.1.0)
