GEM
  remote: http://rubygems.org/
  specs:
    RedCloth (4.2.7)
    bson (1.3.1)
    bson_ext (1.3.1)
    haml (3.1.2)
    mongo (1.3.1)
      bson (>= 1.3.1)
    rack (1.3.2)
    sinatra (1.1.2)
      rack (~> 1.1)
      tilt (~> 1.2)
    tilt (1.3.2)

PLATFORMS
  ruby

DEPENDENCIES
  RedCloth (= 4.2.7)
  bson_ext (= 1.3.1)
  haml (= 3.1.2)
  mongo (= 1.3.1)
  sinatra (= 1.1.2)
