GEM
  remote: http://rubygems.org/
  specs:
    RedCloth (4.2.8)
    bson (1.5.2)
    bson_ext (1.5.2)
      bson (= 1.5.2)
    haml (3.1.4)
    mongo (1.5.2)
      bson (= 1.5.2)
    rack (1.3.5)
    sinatra (1.1.2)
      rack (~> 1.1)
      tilt (~> 1.2)
    tilt (1.3.3)

PLATFORMS
  ruby

DEPENDENCIES
  RedCloth (= 4.2.8)
  bson_ext
  haml
  mongo
  sinatra (= 1.1.2)
